{
	"Modality": "MR",
	"MagneticFieldStrength": 3,
	"ImagingFrequency": 123.24,
	"Manufacturer": "Siemens",
	"ManufacturersModelName": "Prisma",
	"InstitutionName": "Herston_Institute_Research_Foundation",
	"InstitutionalDepartmentName": "RBWH_HIRF_Imaging",
	"InstitutionAddress": "Herston_Road_300_Brisbane_Queensland_AU_4006",
	"DeviceSerialNumber": "66023",
	"StationName": "AWP66023",
	"BodyPartExamined": "BRAIN",
	"PatientPosition": "HFS",
	"ProcedureStepDescription": "Brain_Research_EATT_MND",
	"SoftwareVersions": "syngo_MR_E11",
	"MRAcquisitionType": "3D",
	"SeriesDescription": "MP2Rage_wip900D_2018_UNI-DEN",
	"ProtocolName": "MP2Rage_wip900D_2018",
	"ScanningSequence": "GR_IR",
	"SequenceVariant": "SK_SP_MP_OSP",
	"ScanOptions": "IR",
	"SequenceName": "tfl3d1_16ns",
	"ImageType": ["DERIVED", "PRIMARY", "M", "UNI", "DIS3D", "DIS2D"],
	"RawImage": false,
	"SeriesNumber": 12,
	"AcquisitionTime": "09:21:33.502500",
	"AcquisitionNumber": 1,
	"ImageComments": "DENOISED_IMAGE_(lambda_=_150)",
	"SliceThickness": 1,
	"SAR": 0.0436365,
	"EchoTime": 0.00298,
	"RepetitionTime": 5,
	"PartialFourier": 1,
	"BaseResolution": 256,
	"ShimSetting": [
		2757,
		-11193,
		-11292,
		185,
		-62,
		-318,
		74,
		-71	],
	"TxRefAmp": 234.483,
	"PhaseResolution": 1,
	"PhaseOversampling": 0.1,
	"ReceiveCoilName": "HeadNeck_64",
	"ReceiveCoilActiveElements": "HC1-7;NC1,2",
	"CoilString": "HC1-7;NC1_2",
	"PulseSequenceDetails": "%CustomerSeq%_tfl_wip900D_VE11C",
	"WipMemBlock": "WIP_Identifier: WIP#900D",
	"RefLinesPE": 32,
	"ConsistencyInfo": "N4_VE11C_LATEST_20160120",
	"PercentPhaseFOV": 93.75,
	"PhaseEncodingSteps": 262,
	"AcquisitionMatrixPE": 240,
	"ReconMatrixPE": 240,
	"ParallelReductionFactorInPlane": 3,
	"PixelBandwidth": 240,
	"DwellTime": 8.2e-06,
	"ImageOrientationPatientDICOM": [
		-0.0182462,
		0.987608,
		-0.155879,
		0.0252081,
		-0.155401,
		-0.98753	],
	"InPlanePhaseEncodingDirectionDICOM": "ROW",
	"ConversionSoftware": "dcm2niix",
	"ConversionSoftwareVersion": "v1.0.20190902"
}
