{
	"Modality": "MR",
	"MagneticFieldStrength": 3,
	"ImagingFrequency": 123.235,
	"Manufacturer": "Siemens",
	"ManufacturersModelName": "Prisma",
	"InstitutionName": "HIRF",
	"InstitutionalDepartmentName": "RBWH_HIRF_Imaging",
	"InstitutionAddress": "Herston_Road_300_Brisbane_Queensland_AU_4006",
	"DeviceSerialNumber": "66023",
	"StationName": "AWP66023",
	"BodyPartExamined": "BRAIN",
	"PatientPosition": "HFS",
	"ProcedureStepDescription": "MR_Brain_Research",
	"SoftwareVersions": "syngo_MR_E11",
	"MRAcquisitionType": "2D",
	"SeriesDescription": "PA_rest_EP2D_BOLD_S2",
	"ProtocolName": "PA_rest_EP2D_BOLD_S2",
	"TaskName": "rest",
	"ScanningSequence": "EP",
	"SequenceVariant": "SK",
	"ScanOptions": "FS",
	"SequenceName": "_epfid2d1_86",
	"ImageType": ["ORIGINAL", "PRIMARY", "M", "ND", "NORM", "MOSAIC"],
	"SeriesNumber": 24,
	"AcquisitionTime": "10:41:4.960000",
	"AcquisitionNumber": 1,
	"SliceThickness": 2.4,
	"SpacingBetweenSlices": 2.4,
	"SAR": 0.0620946,
	"EchoTime": 0.033,
	"RepetitionTime": 0.82,
	"FlipAngle": 53,
	"PartialFourier": 1,
	"BaseResolution": 86,
	"ShimSetting": [
		2738,
		-11199,
		-11269,
		341,
		-103,
		-304,
		-35,
		-36	],
	"TxRefAmp": 252.163,
	"PhaseResolution": 1,
	"VendorReportedEchoSpacing": 0.0006,
	"ReceiveCoilName": "HeadNeck_64",
	"ReceiveCoilActiveElements": "HC1-7;NC1",
	"PulseSequenceDetails": "%SiemensSeq%_ep2d_bold",
	"RefLinesPE": 12,
	"ConsistencyInfo": "N4_VE11C_LATEST_20160120",
	"MultibandAccelerationFactor": 6,
	"PercentPhaseFOV": 100,
	"EchoTrainLength": 86,
	"PhaseEncodingSteps": 86,
	"AcquisitionMatrixPE": 86,
	"ReconMatrixPE": 86,
	"BandwidthPerPixelPhaseEncode": 19.38,
	"EffectiveEchoSpacing": 0.000599995,
	"DerivedVendorReportedEchoSpacing": 0.000599995,
	"TotalReadoutTime": 0.0509996,
	"PixelBandwidth": 2155,
	"DwellTime": 2.7e-06,
	"PhaseEncodingDirection": "j",
	"SliceTiming": [
		0.5575,
		0,
		0.4,
		0.08,
		0.48,
		0.24,
		0.6375,
		0.32,
		0.7175,
		0.16,
		0.5575,
		0,
		0.4,
		0.08,
		0.48,
		0.24,
		0.6375,
		0.32,
		0.7175,
		0.16,
		0.5575,
		0,
		0.4,
		0.08,
		0.48,
		0.24,
		0.6375,
		0.32,
		0.7175,
		0.16,
		0.5575,
		0,
		0.4,
		0.08,
		0.48,
		0.24,
		0.6375,
		0.32,
		0.7175,
		0.16,
		0.5575,
		0,
		0.4,
		0.08,
		0.48,
		0.24,
		0.6375,
		0.32,
		0.7175,
		0.16,
		0.5575,
		0,
		0.4,
		0.08,
		0.48,
		0.24,
		0.6375,
		0.32,
		0.7175,
		0.16	],
	"ImageOrientationPatientDICOM": [
		0.999564,
		0.0134278,
		-0.0263024,
		-0.0174475,
		0.987105,
		-0.159118	],
	"InPlanePhaseEncodingDirectionDICOM": "COL",
	"ConversionSoftware": "dcm2niix",
	"ConversionSoftwareVersion": "v1.0.20190902"
}
