{
	"Modality": "MR",
	"MagneticFieldStrength": 3,
	"ImagingFrequency": 123.256,
	"Manufacturer": "Siemens",
	"ManufacturersModelName": "Prisma",
	"InstitutionName": "Herston Institute Research Foundation",
	"InstitutionalDepartmentName": "RBWH HIRF Imaging",
	"InstitutionAddress": "Herston Road 300,Brisbane,Queensland,AU,4006",
	"DeviceSerialNumber": "66023",
	"StationName": "AWP66023",
	"BodyPartExamined": "BRAIN",
	"PatientPosition": "HFS",
	"ProcedureStepDescription": "MR Brain Research",
	"SoftwareVersions": "syngo MR E11",
	"MRAcquisitionType": "2D",
	"SeriesDescription": "PA_MULTIBAND_BLOCK_1_DIFFUSION_30DIR",
	"ProtocolName": "PA_MULTIBAND_BLOCK_1_DIFFUSION_30DIR",
	"ScanningSequence": "EP",
	"SequenceVariant": "SK\\SP",
	"ScanOptions": "PFP\\FS",
	"SequenceName": "*ep_b0",
	"ImageType": ["ORIGINAL", "PRIMARY", "DIFFUSION", "NONE", "ND", "NORM", "MOSAIC"],
	"SeriesNumber": 31,
	"AcquisitionTime": "10:43:52.532500",
	"AcquisitionNumber": 1,
	"ReconstructionMethod": "",
	"SliceThickness": 2,
	"SpacingBetweenSlices": 2,
	"SAR": 0.297264,
	"EchoTime": 0.084,
	"RepetitionTime": 4.7,
	"FlipAngle": 90,
	"PartialFourier": 0.75,
	"BaseResolution": 122,
	"ShimSetting": [
		2574,
		-11344,
		-11255,
		328,
		-97,
		-115,
		-74,
		21	],
	"DiffusionScheme": "Bipolar",
	"TxRefAmp": 231.432,
	"PhaseResolution": 1,
	"ReceiveCoilName": "HeadNeck_64",
	"ReceiveCoilActiveElements": "HC1-6",
	"PulseSequenceDetails": "%SiemensSeq%\\ep2d_diff",
	"RefLinesPE": 38,
	"ConsistencyInfo": "N4_VE11C_LATEST_20160120",
	"MultibandAccelerationFactor": 2,
	"PercentPhaseFOV": 100,
	"PercentSampling": 100,
	"EchoTrainLength": 50,
	"PhaseEncodingSteps": 99,
	"AcquisitionMatrixPE": 122,
	"ReconMatrixPE": 122,
	"BandwidthPerPixelPhaseEncode": 28.265,
	"ParallelReductionFactorInPlane": 2,
	"EffectiveEchoSpacing": 0.000289995,
	"DerivedVendorReportedEchoSpacing": 0.000579991,
	"TotalReadoutTime": 0.0350894,
	"PixelBandwidth": 2275,
	"DwellTime": 1.8e-06,
	"PhaseEncodingDirection": "j",
	"SliceTiming": [
		2.2775,
		0,
		2.405,
		0.1275,
		2.53,
		0.255,
		2.6575,
		0.38,
		2.7825,
		0.5075,
		2.91,
		0.6325,
		3.0375,
		0.76,
		3.1625,
		0.8875,
		3.29,
		1.0125,
		3.415,
		1.14,
		3.5425,
		1.265,
		3.67,
		1.3925,
		3.795,
		1.52,
		3.9225,
		1.645,
		4.0475,
		1.7725,
		4.175,
		1.8975,
		4.3025,
		2.025,
		4.4275,
		2.15,
		4.555,
		2.2775,
		0,
		2.405,
		0.1275,
		2.53,
		0.255,
		2.6575,
		0.38,
		2.7825,
		0.5075,
		2.91,
		0.6325,
		3.0375,
		0.76,
		3.1625,
		0.8875,
		3.29,
		1.0125,
		3.415,
		1.14,
		3.5425,
		1.265,
		3.67,
		1.3925,
		3.795,
		1.52,
		3.9225,
		1.645,
		4.0475,
		1.7725,
		4.175,
		1.8975,
		4.3025,
		2.025,
		4.4275,
		2.15,
		4.555	],
	"ImageOrientationPatientDICOM": [
		0.999967,
		0.000837945,
		0.00810879,
		4.80115e-09,
		0.994703,
		-0.102791	],
	"InPlanePhaseEncodingDirectionDICOM": "COL",
	"ConversionSoftware": "dcm2niix",
	"ConversionSoftwareVersion": "v1.0.20201224"
}
