{
	"Modality": "MR",
	"MagneticFieldStrength": 3,
	"ImagingFrequency": 123.234,
	"Manufacturer": "Siemens",
	"ManufacturersModelName": "Prisma",
	"InstitutionName": "Herston_Institute_Research_Foundation",
	"InstitutionalDepartmentName": "RBWH_HIRF_Imaging",
	"InstitutionAddress": "Herston_Road_300_Brisbane_Queensland_AU_4006",
	"DeviceSerialNumber": "66023",
	"StationName": "AWP66023",
	"BodyPartExamined": "BRAIN",
	"PatientPosition": "HFS",
	"ProcedureStepDescription": "MR_Brain_Research",
	"SoftwareVersions": "syngo_MR_E11",
	"MRAcquisitionType": "2D",
	"SeriesDescription": "PA_rest_EP2D_BOLD_S2",
	"ProtocolName": "PA_rest_EP2D_BOLD_S2",
	"TaskName": "rest",
	"ScanningSequence": "EP",
	"SequenceVariant": "SK",
	"ScanOptions": "FS",
	"SequenceName": "_epfid2d1_86",
	"ImageType": ["ORIGINAL", "PRIMARY", "M", "ND", "NORM", "MOSAIC"],
	"SeriesNumber": 24,
	"AcquisitionTime": "10:21:14.825000",
	"AcquisitionNumber": 1,
	"SliceThickness": 2.4,
	"SpacingBetweenSlices": 2.4,
	"SAR": 0.0720959,
	"EchoTime": 0.033,
	"RepetitionTime": 0.82,
	"FlipAngle": 53,
	"PartialFourier": 1,
	"BaseResolution": 86,
	"ShimSetting": [
		2749,
		-11156,
		-11269,
		131,
		-15,
		-301,
		83,
		-49	],
	"TxRefAmp": 343.567,
	"PhaseResolution": 1,
	"VendorReportedEchoSpacing": 0.0006,
	"ReceiveCoilName": "HeadNeck_20",
	"ReceiveCoilActiveElements": "HE1-4;NE1,2",
	"CoilString": "HE1-4;NE1_2",
	"PulseSequenceDetails": "%SiemensSeq%_ep2d_bold",
	"RefLinesPE": 12,
	"ConsistencyInfo": "N4_VE11C_LATEST_20160120",
	"MultibandAccelerationFactor": 6,
	"PercentPhaseFOV": 100,
	"EchoTrainLength": 86,
	"PhaseEncodingSteps": 86,
	"AcquisitionMatrixPE": 86,
	"ReconMatrixPE": 86,
	"BandwidthPerPixelPhaseEncode": 19.38,
	"EffectiveEchoSpacing": 0.000599995,
	"DerivedVendorReportedEchoSpacing": 0.000599995,
	"TotalReadoutTime": 0.0509996,
	"PixelBandwidth": 2155,
	"DwellTime": 2.7e-06,
	"PhaseEncodingDirection": "j",
	"SliceTiming": [
		0.56,
		0,
		0.4,
		0.08,
		0.48,
		0.24,
		0.64,
		0.32,
		0.72,
		0.16,
		0.56,
		0,
		0.4,
		0.08,
		0.48,
		0.24,
		0.64,
		0.32,
		0.72,
		0.16,
		0.56,
		0,
		0.4,
		0.08,
		0.48,
		0.24,
		0.64,
		0.32,
		0.72,
		0.16,
		0.56,
		0,
		0.4,
		0.08,
		0.48,
		0.24,
		0.64,
		0.32,
		0.72,
		0.16,
		0.56,
		0,
		0.4,
		0.08,
		0.48,
		0.24,
		0.64,
		0.32,
		0.72,
		0.16,
		0.56,
		0,
		0.4,
		0.08,
		0.48,
		0.24,
		0.64,
		0.32,
		0.72,
		0.16	],
	"ImageOrientationPatientDICOM": [
		0.999386,
		0.0328525,
		-0.012164,
		-0.0348993,
		0.963854,
		-0.264134	],
	"InPlanePhaseEncodingDirectionDICOM": "COL",
	"ConversionSoftware": "dcm2niix",
	"ConversionSoftwareVersion": "v1.0.20190902"
}
