{
	"Modality": "MR",
	"MagneticFieldStrength": 3,
	"ImagingFrequency": 123.237,
	"Manufacturer": "Siemens",
	"ManufacturersModelName": "Prisma",
	"InstitutionName": "HIRF",
	"InstitutionalDepartmentName": "RBWH_HIRF_Imaging",
	"InstitutionAddress": "Herston_Road_300_Brisbane_Queensland_AU_4006",
	"DeviceSerialNumber": "66023",
	"StationName": "AWP66023",
	"BodyPartExamined": "BRAIN",
	"PatientPosition": "HFS",
	"ProcedureStepDescription": "MR_Brain_Research",
	"SoftwareVersions": "syngo_MR_E11",
	"MRAcquisitionType": "3D",
	"SeriesDescription": "t2_spc_da-fl_sag",
	"ProtocolName": "t2_spc_da-fl_sag",
	"ScanningSequence": "SE_IR",
	"SequenceVariant": "SK_SP_MP",
	"ScanOptions": "IR_PFP",
	"SequenceName": "_spcir_278ns",
	"ImageType": ["ORIGINAL", "PRIMARY", "M", "ND", "NORM"],
	"SeriesNumber": 13,
	"AcquisitionTime": "10:01:52.995000",
	"AcquisitionNumber": 1,
	"SliceThickness": 1,
	"SAR": 0.106103,
	"EchoTime": 0.386,
	"RepetitionTime": 5,
	"InversionTime": 1.8,
	"FlipAngle": 120,
	"PartialFourier": 1,
	"BaseResolution": 256,
	"ShimSetting": [
		2766,
		-11210,
		-11253,
		168,
		-73,
		-488,
		-72,
		-116	],
	"TxRefAmp": 241.653,
	"PhaseResolution": 1,
	"ReceiveCoilName": "HeadNeck_64",
	"ReceiveCoilActiveElements": "HC1-7;NC1,2",
	"CoilString": "HC1-7;NC1_2",
	"PulseSequenceDetails": "%SiemensSeq%_tse_vfl",
	"RefLinesPE": 24,
	"ConsistencyInfo": "N4_VE11C_LATEST_20160120",
	"PercentPhaseFOV": 100,
	"EchoTrainLength": 252,
	"PhaseEncodingSteps": 229,
	"AcquisitionMatrixPE": 256,
	"ReconMatrixPE": 256,
	"ParallelReductionFactorInPlane": 2,
	"PixelBandwidth": 750,
	"DwellTime": 2.6e-06,
	"ImageOrientationPatientDICOM": [
		0.0477249,
		0.970074,
		-0.238071,
		0.0214049,
		-0.239281,
		-0.970714	],
	"InPlanePhaseEncodingDirectionDICOM": "ROW",
	"ConversionSoftware": "dcm2niix",
	"ConversionSoftwareVersion": "v1.0.20190902"
}
