{
	"Modality": "MR",
	"MagneticFieldStrength": 3,
	"ImagingFrequency": 123.234,
	"Manufacturer": "Siemens",
	"ManufacturersModelName": "Prisma",
	"InstitutionName": "Herston_Institute_Research_Foundation",
	"InstitutionalDepartmentName": "RBWH_HIRF_Imaging",
	"InstitutionAddress": "Herston_Road_300_Brisbane_Queensland_AU_4006",
	"DeviceSerialNumber": "66023",
	"StationName": "AWP66023",
	"BodyPartExamined": "BRAIN",
	"PatientPosition": "HFS",
	"ProcedureStepDescription": "MR_Brain_Research",
	"SoftwareVersions": "syngo_MR_E11",
	"MRAcquisitionType": "3D",
	"SeriesDescription": "t2_spc_da-fl_sag",
	"ProtocolName": "t2_spc_da-fl_sag",
	"ScanningSequence": "SE_IR",
	"SequenceVariant": "SK_SP_MP",
	"ScanOptions": "IR_PFP",
	"SequenceName": "_spcir_278ns",
	"ImageType": ["ORIGINAL", "PRIMARY", "M", "ND", "NORM"],
	"SeriesNumber": 13,
	"AcquisitionTime": "09:16:35.950000",
	"AcquisitionNumber": 1,
	"SliceThickness": 1,
	"SAR": 0.133316,
	"EchoTime": 0.386,
	"RepetitionTime": 5,
	"InversionTime": 1.8,
	"FlipAngle": 120,
	"PartialFourier": 1,
	"BaseResolution": 256,
	"ShimSetting": [
		2762,
		-11143,
		-11258,
		-3,
		-28,
		-424,
		174,
		-9	],
	"TxRefAmp": 336.848,
	"PhaseResolution": 1,
	"ReceiveCoilName": "HeadNeck_20",
	"ReceiveCoilActiveElements": "HE1-4;NE1,2",
	"CoilString": "HE1-4;NE1_2",
	"PulseSequenceDetails": "%SiemensSeq%_tse_vfl",
	"RefLinesPE": 24,
	"ConsistencyInfo": "N4_VE11C_LATEST_20160120",
	"PercentPhaseFOV": 100,
	"EchoTrainLength": 252,
	"PhaseEncodingSteps": 229,
	"AcquisitionMatrixPE": 256,
	"ReconMatrixPE": 256,
	"ParallelReductionFactorInPlane": 2,
	"PixelBandwidth": 750,
	"DwellTime": 2.6e-06,
	"ImageOrientationPatientDICOM": [
		-0.00717598,
		0.98417,
		-0.177084,
		0.00501844,
		-0.17705,
		-0.984189	],
	"InPlanePhaseEncodingDirectionDICOM": "ROW",
	"ConversionSoftware": "dcm2niix",
	"ConversionSoftwareVersion": "v1.0.20190902"
}
