{
	"Modality": "MR",
	"MagneticFieldStrength": 3,
	"ImagingFrequency": 123.233,
	"Manufacturer": "Siemens",
	"ManufacturersModelName": "Prisma",
	"InstitutionName": "HIRF",
	"InstitutionalDepartmentName": "RBWH_HIRF_Imaging",
	"InstitutionAddress": "Herston_Road_300_Brisbane_Queensland_AU_4006",
	"DeviceSerialNumber": "66023",
	"StationName": "AWP66023",
	"BodyPartExamined": "BRAIN",
	"PatientPosition": "HFS",
	"ProcedureStepDescription": "MR_Brain_Functional",
	"SoftwareVersions": "syngo_MR_E11",
	"MRAcquisitionType": "2D",
	"SeriesDescription": "AP_MULTIBAND_BLOCK_1_DIFFUSION_AP_30DIR",
	"ProtocolName": "AP_MULTIBAND_BLOCK_1_DIFFUSION_AP_30DIR",
	"ScanningSequence": "EP",
	"SequenceVariant": "SK_SP",
	"ScanOptions": "PFP_FS",
	"SequenceName": "_ep_b0",
	"ImageType": ["ORIGINAL", "PRIMARY", "DIFFUSION", "NONE", "ND", "NORM", "MOSAIC"],
	"SeriesNumber": 30,
	"AcquisitionTime": "11:24:22.932500",
	"AcquisitionNumber": 1,
	"SliceThickness": 2,
	"SpacingBetweenSlices": 2,
	"SAR": 0.335272,
	"EchoTime": 0.084,
	"RepetitionTime": 4.7,
	"FlipAngle": 90,
	"PartialFourier": 0.75,
	"BaseResolution": 122,
	"ShimSetting": [
		2741,
		-11188,
		-11225,
		267,
		-75,
		-216,
		-6,
		-54	],
	"DiffusionScheme": "Bipolar",
	"TxRefAmp": 264.512,
	"PhaseResolution": 1,
	"ReceiveCoilName": "HeadNeck_64",
	"ReceiveCoilActiveElements": "HC1-7",
	"PulseSequenceDetails": "%SiemensSeq%_ep2d_diff",
	"RefLinesPE": 38,
	"ConsistencyInfo": "N4_VE11C_LATEST_20160120",
	"MultibandAccelerationFactor": 2,
	"PercentPhaseFOV": 100,
	"EchoTrainLength": 50,
	"PhaseEncodingSteps": 99,
	"AcquisitionMatrixPE": 122,
	"ReconMatrixPE": 122,
	"BandwidthPerPixelPhaseEncode": 28.265,
	"ParallelReductionFactorInPlane": 2,
	"EffectiveEchoSpacing": 0.000289995,
	"DerivedVendorReportedEchoSpacing": 0.000579991,
	"TotalReadoutTime": 0.0350894,
	"PixelBandwidth": 2275,
	"DwellTime": 1.8e-06,
	"PhaseEncodingDirection": "j-",
	"SliceTiming": [
		2.2775,
		0,
		2.4025,
		0.1275,
		2.53,
		0.2525,
		2.6575,
		0.38,
		2.7825,
		0.5075,
		2.91,
		0.6325,
		3.035,
		0.76,
		3.1625,
		0.885,
		3.29,
		1.0125,
		3.415,
		1.14,
		3.5425,
		1.265,
		3.6675,
		1.3925,
		3.795,
		1.5175,
		3.9225,
		1.645,
		4.0475,
		1.77,
		4.175,
		1.8975,
		4.3,
		2.025,
		4.4275,
		2.15,
		4.5525,
		2.2775,
		0,
		2.4025,
		0.1275,
		2.53,
		0.2525,
		2.6575,
		0.38,
		2.7825,
		0.5075,
		2.91,
		0.6325,
		3.035,
		0.76,
		3.1625,
		0.885,
		3.29,
		1.0125,
		3.415,
		1.14,
		3.5425,
		1.265,
		3.6675,
		1.3925,
		3.795,
		1.5175,
		3.9225,
		1.645,
		4.0475,
		1.77,
		4.175,
		1.8975,
		4.3,
		2.025,
		4.4275,
		2.15,
		4.5525	],
	"ImageOrientationPatientDICOM": [
		0.999581,
		-0.0153185,
		0.0245682,
		0.0174478,
		0.995885,
		-0.0889347	],
	"InPlanePhaseEncodingDirectionDICOM": "COL",
	"ConversionSoftware": "dcm2niix",
	"ConversionSoftwareVersion": "v1.0.20190902"
}
