{
	"Modality": "MR",
	"MagneticFieldStrength": 3,
	"ImagingFrequency": 123.234,
	"Manufacturer": "Siemens",
	"ManufacturersModelName": "Prisma",
	"InstitutionName": "Herston_Institute_Research_Foundation",
	"InstitutionalDepartmentName": "RBWH_HIRF_Imaging",
	"InstitutionAddress": "Herston_Road_300_Brisbane_Queensland_AU_4006",
	"DeviceSerialNumber": "66023",
	"StationName": "AWP66023",
	"BodyPartExamined": "BRAIN",
	"PatientPosition": "HFS",
	"ProcedureStepDescription": "MR_Brain_Research",
	"SoftwareVersions": "syngo_MR_E11",
	"MRAcquisitionType": "2D",
	"SeriesDescription": "PA_MULTIBAND_BLOCK_2_DIFFUSION_30DIR",
	"ProtocolName": "PA_MULTIBAND_BLOCK_2_DIFFUSION_30DIR",
	"ScanningSequence": "EP",
	"SequenceVariant": "SK_SP",
	"ScanOptions": "PFP_FS",
	"SequenceName": "_ep_b0",
	"ImageType": ["ORIGINAL", "PRIMARY", "DIFFUSION", "NONE", "ND", "NORM", "MOSAIC"],
	"SeriesNumber": 36,
	"AcquisitionTime": "11:13:12.315000",
	"AcquisitionNumber": 1,
	"SliceThickness": 2,
	"SpacingBetweenSlices": 2,
	"SAR": 0.404377,
	"EchoTime": 0.089,
	"RepetitionTime": 5.2,
	"FlipAngle": 90,
	"PartialFourier": 0.75,
	"BaseResolution": 122,
	"ShimSetting": [
		2749,
		-11159,
		-11267,
		136,
		-16,
		-324,
		73,
		-47	],
	"DiffusionScheme": "Bipolar",
	"TxRefAmp": 343.567,
	"PhaseResolution": 1,
	"ReceiveCoilName": "HeadNeck_20",
	"ReceiveCoilActiveElements": "HE1-4;NE1,2",
	"CoilString": "HE1-4;NE1_2",
	"PulseSequenceDetails": "%SiemensSeq%_ep2d_diff",
	"RefLinesPE": 38,
	"ConsistencyInfo": "N4_VE11C_LATEST_20160120",
	"MultibandAccelerationFactor": 2,
	"PercentPhaseFOV": 100,
	"EchoTrainLength": 50,
	"PhaseEncodingSteps": 99,
	"AcquisitionMatrixPE": 122,
	"ReconMatrixPE": 122,
	"BandwidthPerPixelPhaseEncode": 28.265,
	"ParallelReductionFactorInPlane": 2,
	"EffectiveEchoSpacing": 0.000289995,
	"DerivedVendorReportedEchoSpacing": 0.000579991,
	"TotalReadoutTime": 0.0350894,
	"PixelBandwidth": 2275,
	"DwellTime": 1.8e-06,
	"PhaseEncodingDirection": "j",
	"SliceTiming": [
		2.52,
		0,
		2.66,
		0.14,
		2.8,
		0.28,
		2.94,
		0.42,
		3.08,
		0.56,
		3.22,
		0.7,
		3.36,
		0.84,
		3.5,
		0.98,
		3.64,
		1.12,
		3.78,
		1.26,
		3.92,
		1.4,
		4.06,
		1.54,
		4.2,
		1.68,
		4.34,
		1.82,
		4.48,
		1.96,
		4.62,
		2.1,
		4.76,
		2.24,
		4.9,
		2.38,
		5.04,
		2.52,
		0,
		2.66,
		0.14,
		2.8,
		0.28,
		2.94,
		0.42,
		3.08,
		0.56,
		3.22,
		0.7,
		3.36,
		0.84,
		3.5,
		0.98,
		3.64,
		1.12,
		3.78,
		1.26,
		3.92,
		1.4,
		4.06,
		1.54,
		4.2,
		1.68,
		4.34,
		1.82,
		4.48,
		1.96,
		4.62,
		2.1,
		4.76,
		2.24,
		4.9,
		2.38,
		5.04	],
	"ImageOrientationPatientDICOM": [
		0.999386,
		0.0328525,
		-0.012164,
		-0.0348993,
		0.963854,
		-0.264134	],
	"InPlanePhaseEncodingDirectionDICOM": "COL",
	"ConversionSoftware": "dcm2niix",
	"ConversionSoftwareVersion": "v1.0.20190902"
}
