{
	"Modality": "MR",
	"MagneticFieldStrength": 3,
	"ImagingFrequency": 123.234,
	"Manufacturer": "Siemens",
	"ManufacturersModelName": "Prisma",
	"InstitutionName": "Herston_Institute_Research_Foundation",
	"InstitutionalDepartmentName": "RBWH_HIRF_Imaging",
	"InstitutionAddress": "Herston_Road_300_Brisbane_Queensland_AU_4006",
	"DeviceSerialNumber": "66023",
	"StationName": "AWP66023",
	"BodyPartExamined": "BRAIN",
	"PatientPosition": "HFS",
	"ProcedureStepDescription": "MR_Brain_Research",
	"SoftwareVersions": "syngo_MR_E11",
	"MRAcquisitionType": "2D",
	"SeriesDescription": "AP_MULTIBAND_BLOCK_2_DIFFUSION_AP_30DIR",
	"ProtocolName": "AP_MULTIBAND_BLOCK_2_DIFFUSION_AP_30DIR",
	"ScanningSequence": "EP",
	"SequenceVariant": "SK_SP",
	"ScanOptions": "PFP_FS",
	"SequenceName": "_ep_b0",
	"ImageType": ["ORIGINAL", "PRIMARY", "DIFFUSION", "NONE", "ND", "NORM", "MOSAIC"],
	"SeriesNumber": 32,
	"AcquisitionTime": "10:40:29.425000",
	"AcquisitionNumber": 1,
	"SliceThickness": 2,
	"SpacingBetweenSlices": 2,
	"SAR": 0.301515,
	"EchoTime": 0.084,
	"RepetitionTime": 4.7,
	"FlipAngle": 90,
	"PartialFourier": 0.75,
	"BaseResolution": 122,
	"ShimSetting": [
		2748,
		-11150,
		-11264,
		400,
		-138,
		-231,
		-64,
		10	],
	"DiffusionScheme": "Bipolar",
	"TxRefAmp": 246.367,
	"PhaseResolution": 1,
	"ReceiveCoilName": "HeadNeck_64",
	"ReceiveCoilActiveElements": "HC1-7;NC1",
	"PulseSequenceDetails": "%SiemensSeq%_ep2d_diff",
	"RefLinesPE": 38,
	"ConsistencyInfo": "N4_VE11C_LATEST_20160120",
	"MultibandAccelerationFactor": 2,
	"PercentPhaseFOV": 100,
	"EchoTrainLength": 50,
	"PhaseEncodingSteps": 99,
	"AcquisitionMatrixPE": 122,
	"ReconMatrixPE": 122,
	"BandwidthPerPixelPhaseEncode": 28.265,
	"ParallelReductionFactorInPlane": 2,
	"EffectiveEchoSpacing": 0.000289995,
	"DerivedVendorReportedEchoSpacing": 0.000579991,
	"TotalReadoutTime": 0.0350894,
	"PixelBandwidth": 2275,
	"DwellTime": 1.8e-06,
	"PhaseEncodingDirection": "j-",
	"SliceTiming": [
		2.275,
		0,
		2.4025,
		0.125,
		2.53,
		0.2525,
		2.655,
		0.3775,
		2.7825,
		0.505,
		2.9075,
		0.6325,
		3.035,
		0.7575,
		3.1625,
		0.885,
		3.2875,
		1.01,
		3.415,
		1.1375,
		3.54,
		1.265,
		3.6675,
		1.39,
		3.7925,
		1.5175,
		3.92,
		1.6425,
		4.0475,
		1.77,
		4.1725,
		1.8975,
		4.3,
		2.0225,
		4.425,
		2.15,
		4.5525,
		2.275,
		0,
		2.4025,
		0.125,
		2.53,
		0.2525,
		2.655,
		0.3775,
		2.7825,
		0.505,
		2.9075,
		0.6325,
		3.035,
		0.7575,
		3.1625,
		0.885,
		3.2875,
		1.01,
		3.415,
		1.1375,
		3.54,
		1.265,
		3.6675,
		1.39,
		3.7925,
		1.5175,
		3.92,
		1.6425,
		4.0475,
		1.77,
		4.1725,
		1.8975,
		4.3,
		2.0225,
		4.425,
		2.15,
		4.5525	],
	"ImageOrientationPatientDICOM": [
		0.999032,
		0.0275355,
		-0.0342973,
		-0.034887,
		0.970962,
		-0.236675	],
	"InPlanePhaseEncodingDirectionDICOM": "COL",
	"ConversionSoftware": "dcm2niix",
	"ConversionSoftwareVersion": "v1.0.20190902"
}
