{
	"Modality": "MR",
	"MagneticFieldStrength": 3,
	"ImagingFrequency": 123.256,
	"Manufacturer": "Siemens",
	"ManufacturersModelName": "Prisma",
	"InstitutionName": "Herston Institute Research Foundation",
	"InstitutionalDepartmentName": "RBWH HIRF Imaging",
	"InstitutionAddress": "Herston Road 300,Brisbane,Queensland,AU,4006",
	"DeviceSerialNumber": "66023",
	"StationName": "AWP66023",
	"BodyPartExamined": "BRAIN",
	"PatientPosition": "HFS",
	"ProcedureStepDescription": "MR Brain Research",
	"SoftwareVersions": "syngo MR E11",
	"MRAcquisitionType": "3D",
	"SeriesDescription": "MP2Rage_wip900D_2018_UNI-DEN",
	"ProtocolName": "MP2Rage_wip900D_2018",
	"ScanningSequence": "GR\\IR",
	"SequenceVariant": "SK\\SP\\MP\\OSP",
	"ScanOptions": "IR",
	"SequenceName": "tfl3d1_16ns",
	"ImageType": ["DERIVED", "PRIMARY", "M", "UNI", "DIS3D", "DIS2D"],
	"RawImage": false,
	"SeriesNumber": 12,
	"AcquisitionTime": "08:45:17.510000",
	"AcquisitionNumber": 1,
	"ReconstructionMethod": "èÿ½¦ÏC«ü",
	"SliceThickness": 1,
	"SAR": 0.0512467,
	"EchoTime": 0.00298,
	"RepetitionTime": 5,
	"PartialFourier": 1,
	"BaseResolution": 256,
	"ShimSetting": [
		2556,
		-11388,
		-11290,
		178,
		-59,
		-343,
		179,
		-21	],
	"TxRefAmp": 274.551,
	"PhaseResolution": 1,
	"PhaseOversampling": 0.1,
	"ReceiveCoilName": "HeadNeck_64",
	"ReceiveCoilActiveElements": "HC1-7;NC1",
	"PulseSequenceDetails": "%CustomerSeq%\\tfl_wip900D_VE11C",
	"WipMemBlock": "WIP_Identifier: WIP#900D",
	"RefLinesPE": 32,
	"ConsistencyInfo": "N4_VE11C_LATEST_20160120",
	"PercentPhaseFOV": 93.75,
	"PercentSampling": 100,
	"PhaseEncodingSteps": 262,
	"AcquisitionMatrixPE": 240,
	"ReconMatrixPE": 240,
	"ParallelReductionFactorInPlane": 3,
	"PixelBandwidth": 240,
	"DwellTime": 8.2e-06,
	"ImageOrientationPatientDICOM": [
		-0.0197452,
		0.99936,
		-0.0298373,
		-0.0144478,
		-0.0301252,
		-0.999442	],
	"InPlanePhaseEncodingDirectionDICOM": "ROW",
	"ConversionSoftware": "dcm2niix",
	"ConversionSoftwareVersion": "v1.0.20201224"
}
