{
	"Modality": "MR",
	"MagneticFieldStrength": 3,
	"ImagingFrequency": 123.256,
	"Manufacturer": "Siemens",
	"ManufacturersModelName": "Prisma",
	"InstitutionName": "Herston Institute Research Foundation",
	"InstitutionalDepartmentName": "RBWH HIRF Imaging",
	"InstitutionAddress": "Herston Road 300,Brisbane,Queensland,AU,4006",
	"DeviceSerialNumber": "66023",
	"StationName": "AWP66023",
	"BodyPartExamined": "BRAIN",
	"PatientPosition": "HFS",
	"ProcedureStepDescription": "MR Brain Research",
	"SoftwareVersions": "syngo MR E11",
	"MRAcquisitionType": "2D",
	"SeriesDescription": "PA_food_EP2D_BOLD_S2",
	"ProtocolName": "PA_food_EP2D_BOLD_S2",
	"TaskName": "food",
	"ScanningSequence": "EP",
	"SequenceVariant": "SK",
	"ScanOptions": "FS",
	"SequenceName": "*epfid2d1_86",
	"ImageType": ["ORIGINAL", "PRIMARY", "M", "ND", "NORM", "MOSAIC"],
	"SeriesNumber": 25,
	"AcquisitionTime": "10:04:51.085000",
	"AcquisitionNumber": 1,
	"ReconstructionMethod": "¾ÇÏòP~\\ìþ",
	"SliceThickness": 2.4,
	"SpacingBetweenSlices": 2.4,
	"SAR": 0.0541609,
	"EchoTime": 0.033,
	"RepetitionTime": 0.82,
	"FlipAngle": 53,
	"PartialFourier": 1,
	"BaseResolution": 86,
	"ShimSetting": [
		2560,
		-11342,
		-11255,
		335,
		-87,
		-60,
		79,
		21	],
	"TxRefAmp": 260.758,
	"PhaseResolution": 1,
	"VendorReportedEchoSpacing": 0.0006,
	"ReceiveCoilName": "HeadNeck_64",
	"ReceiveCoilActiveElements": "HC1-7;NC1",
	"PulseSequenceDetails": "%SiemensSeq%\\ep2d_bold",
	"RefLinesPE": 12,
	"ConsistencyInfo": "N4_VE11C_LATEST_20160120",
	"MultibandAccelerationFactor": 6,
	"PercentPhaseFOV": 100,
	"PercentSampling": 100,
	"EchoTrainLength": 86,
	"PhaseEncodingSteps": 86,
	"AcquisitionMatrixPE": 86,
	"ReconMatrixPE": 86,
	"BandwidthPerPixelPhaseEncode": 19.38,
	"EffectiveEchoSpacing": 0.000599995,
	"DerivedVendorReportedEchoSpacing": 0.000599995,
	"TotalReadoutTime": 0.0509996,
	"PixelBandwidth": 2155,
	"DwellTime": 2.7e-06,
	"PhaseEncodingDirection": "j",
	"SliceTiming": [
		0.56,
		0,
		0.4,
		0.08,
		0.48,
		0.24,
		0.64,
		0.32,
		0.72,
		0.16,
		0.56,
		0,
		0.4,
		0.08,
		0.48,
		0.24,
		0.64,
		0.32,
		0.72,
		0.16,
		0.56,
		0,
		0.4,
		0.08,
		0.48,
		0.24,
		0.64,
		0.32,
		0.72,
		0.16,
		0.56,
		0,
		0.4,
		0.08,
		0.48,
		0.24,
		0.64,
		0.32,
		0.72,
		0.16,
		0.56,
		0,
		0.4,
		0.08,
		0.48,
		0.24,
		0.64,
		0.32,
		0.72,
		0.16,
		0.56,
		0,
		0.4,
		0.08,
		0.48,
		0.24,
		0.64,
		0.32,
		0.72,
		0.16	],
	"ImageOrientationPatientDICOM": [
		0.999806,
		0.00115981,
		0.0196612,
		-1.61063e-08,
		0.998265,
		-0.0588868	],
	"InPlanePhaseEncodingDirectionDICOM": "COL",
	"ConversionSoftware": "dcm2niix",
	"ConversionSoftwareVersion": "v1.0.20201224"
}
