{
	"Modality": "MR",
	"MagneticFieldStrength": 3,
	"ImagingFrequency": 123.233,
	"Manufacturer": "Siemens",
	"ManufacturersModelName": "Prisma",
	"InstitutionName": "HIRF",
	"InstitutionalDepartmentName": "RBWH_HIRF_Imaging",
	"InstitutionAddress": "Herston_Road_300_Brisbane_Queensland_AU_4006",
	"DeviceSerialNumber": "66023",
	"StationName": "AWP66023",
	"BodyPartExamined": "BRAIN",
	"PatientPosition": "HFS",
	"ProcedureStepDescription": "MR_Brain_Research",
	"SoftwareVersions": "syngo_MR_E11",
	"MRAcquisitionType": "2D",
	"SeriesDescription": "PA_MULTIBAND_BLOCK_2_DIFFUSION_30DIR",
	"ProtocolName": "PA_MULTIBAND_BLOCK_2_DIFFUSION_30DIR",
	"ScanningSequence": "EP",
	"SequenceVariant": "SK_SP",
	"ScanOptions": "PFP_FS",
	"SequenceName": "_ep_b0",
	"ImageType": ["ORIGINAL", "PRIMARY", "DIFFUSION", "NONE", "ND", "NORM", "MOSAIC"],
	"SeriesNumber": 33,
	"AcquisitionTime": "11:04:0.570000",
	"AcquisitionNumber": 1,
	"SliceThickness": 2,
	"SpacingBetweenSlices": 2,
	"SAR": 0.381065,
	"EchoTime": 0.084,
	"RepetitionTime": 4.7,
	"FlipAngle": 90,
	"PartialFourier": 0.75,
	"BaseResolution": 122,
	"ShimSetting": [
		2754,
		-11293,
		-11205,
		246,
		-127,
		-335,
		-70,
		-30	],
	"DiffusionScheme": "Bipolar",
	"TxRefAmp": 252.591,
	"PhaseResolution": 1,
	"ReceiveCoilName": "HeadNeck_64",
	"ReceiveCoilActiveElements": "HC1-7;NC1",
	"PulseSequenceDetails": "%SiemensSeq%_ep2d_diff",
	"RefLinesPE": 38,
	"ConsistencyInfo": "N4_VE11C_LATEST_20160120",
	"MultibandAccelerationFactor": 2,
	"PercentPhaseFOV": 100,
	"EchoTrainLength": 50,
	"PhaseEncodingSteps": 99,
	"AcquisitionMatrixPE": 122,
	"ReconMatrixPE": 122,
	"BandwidthPerPixelPhaseEncode": 28.265,
	"ParallelReductionFactorInPlane": 2,
	"EffectiveEchoSpacing": 0.000289995,
	"DerivedVendorReportedEchoSpacing": 0.000579991,
	"TotalReadoutTime": 0.0350894,
	"PixelBandwidth": 2275,
	"DwellTime": 1.8e-06,
	"PhaseEncodingDirection": "j",
	"SliceTiming": [
		2.275,
		0,
		2.4025,
		0.125,
		2.5275,
		0.2525,
		2.655,
		0.3775,
		2.7825,
		0.505,
		2.9075,
		0.6325,
		3.035,
		0.7575,
		3.16,
		0.885,
		3.2875,
		1.01,
		3.415,
		1.1375,
		3.54,
		1.2625,
		3.6675,
		1.39,
		3.7925,
		1.5175,
		3.92,
		1.6425,
		4.0475,
		1.77,
		4.1725,
		1.895,
		4.3,
		2.0225,
		4.425,
		2.15,
		4.5525,
		2.275,
		0,
		2.4025,
		0.125,
		2.5275,
		0.2525,
		2.655,
		0.3775,
		2.7825,
		0.505,
		2.9075,
		0.6325,
		3.035,
		0.7575,
		3.16,
		0.885,
		3.2875,
		1.01,
		3.415,
		1.1375,
		3.54,
		1.2625,
		3.6675,
		1.39,
		3.7925,
		1.5175,
		3.92,
		1.6425,
		4.0475,
		1.77,
		4.1725,
		1.895,
		4.3,
		2.0225,
		4.425,
		2.15,
		4.5525	],
	"ImageOrientationPatientDICOM": [
		0.993581,
		-0.061475,
		0.0949608,
		0.0694779,
		0.994091,
		-0.0834051	],
	"InPlanePhaseEncodingDirectionDICOM": "COL",
	"ConversionSoftware": "dcm2niix",
	"ConversionSoftwareVersion": "v1.0.20190902"
}
