{
	"Modality": "MR",
	"MagneticFieldStrength": 3,
	"ImagingFrequency": 123.256,
	"Manufacturer": "Siemens",
	"ManufacturersModelName": "Prisma",
	"InstitutionName": "HIRF",
	"InstitutionalDepartmentName": "RBWH HIRF Imaging",
	"InstitutionAddress": "Herston Road 300,Brisbane,Queensland,AU,4006",
	"DeviceSerialNumber": "66023",
	"StationName": "AWP66023",
	"BodyPartExamined": "HEAD",
	"PatientPosition": "HFS",
	"ProcedureStepDescription": "MR Brain Research",
	"SoftwareVersions": "syngo MR E11",
	"MRAcquisitionType": "2D",
	"SeriesDescription": "AP_MULTIBAND_BLOCK_1_DIFFUSION_AP_30DIR",
	"ProtocolName": "AP_MULTIBAND_BLOCK_1_DIFFUSION_AP_30DIR",
	"ScanningSequence": "EP",
	"SequenceVariant": "SK\\SP",
	"ScanOptions": "PFP\\FS",
	"SequenceName": "*ep_b0",
	"ImageType": ["ORIGINAL", "PRIMARY", "DIFFUSION", "NONE", "ND", "NORM", "MOSAIC"],
	"SeriesNumber": 30,
	"AcquisitionTime": "10:22:33.030000",
	"AcquisitionNumber": 1,
	"ReconstructionMethod": "",
	"SliceThickness": 2,
	"SpacingBetweenSlices": 2,
	"SAR": 0.372735,
	"EchoTime": 0.084,
	"RepetitionTime": 4.7,
	"FlipAngle": 90,
	"PartialFourier": 0.75,
	"BaseResolution": 122,
	"ShimSetting": [
		2571,
		-11352,
		-11247,
		453,
		4,
		-114,
		11,
		36	],
	"DiffusionScheme": "Bipolar",
	"TxRefAmp": 240.558,
	"PhaseResolution": 1,
	"ReceiveCoilName": "HeadNeck_64",
	"ReceiveCoilActiveElements": "HC1-7;NC1",
	"PulseSequenceDetails": "%SiemensSeq%\\ep2d_diff",
	"RefLinesPE": 38,
	"ConsistencyInfo": "N4_VE11C_LATEST_20160120",
	"MultibandAccelerationFactor": 2,
	"PercentPhaseFOV": 100,
	"PercentSampling": 100,
	"EchoTrainLength": 50,
	"PhaseEncodingSteps": 99,
	"AcquisitionMatrixPE": 122,
	"ReconMatrixPE": 122,
	"BandwidthPerPixelPhaseEncode": 28.265,
	"ParallelReductionFactorInPlane": 2,
	"EffectiveEchoSpacing": 0.000289995,
	"DerivedVendorReportedEchoSpacing": 0.000579991,
	"TotalReadoutTime": 0.0350894,
	"PixelBandwidth": 2275,
	"DwellTime": 1.8e-06,
	"PhaseEncodingDirection": "j-",
	"SliceTiming": [
		2.275,
		0,
		2.4025,
		0.125,
		2.5275,
		0.2525,
		2.655,
		0.3775,
		2.7825,
		0.505,
		2.9075,
		0.6325,
		3.035,
		0.7575,
		3.16,
		0.885,
		3.2875,
		1.01,
		3.415,
		1.1375,
		3.54,
		1.265,
		3.6675,
		1.39,
		3.7925,
		1.5175,
		3.92,
		1.6425,
		4.0475,
		1.77,
		4.1725,
		1.8975,
		4.3,
		2.0225,
		4.425,
		2.15,
		4.5525,
		2.275,
		0,
		2.4025,
		0.125,
		2.5275,
		0.2525,
		2.655,
		0.3775,
		2.7825,
		0.505,
		2.9075,
		0.6325,
		3.035,
		0.7575,
		3.16,
		0.885,
		3.2875,
		1.01,
		3.415,
		1.1375,
		3.54,
		1.265,
		3.6675,
		1.39,
		3.7925,
		1.5175,
		3.92,
		1.6425,
		4.0475,
		1.77,
		4.1725,
		1.8975,
		4.3,
		2.0225,
		4.425,
		2.15,
		4.5525	],
	"ImageOrientationPatientDICOM": [
		0.996508,
		0.0476206,
		-0.0685914,
		-0.0522248,
		0.996387,
		-0.0669745	],
	"InPlanePhaseEncodingDirectionDICOM": "COL",
	"ConversionSoftware": "dcm2niix",
	"ConversionSoftwareVersion": "v1.0.20201224"
}
