{
	"Modality": "MR",
	"MagneticFieldStrength": 3,
	"ImagingFrequency": 123.256,
	"Manufacturer": "Siemens",
	"ManufacturersModelName": "Prisma",
	"InstitutionName": "HIRF",
	"InstitutionalDepartmentName": "RBWH HIRF Imaging",
	"InstitutionAddress": "Herston Road 300,Brisbane,Queensland,AU,4006",
	"DeviceSerialNumber": "66023",
	"StationName": "AWP66023",
	"BodyPartExamined": "HEAD",
	"PatientPosition": "HFS",
	"ProcedureStepDescription": "MR Brain Research",
	"SoftwareVersions": "syngo MR E11",
	"MRAcquisitionType": "3D",
	"SeriesDescription": "t2_spc_da-fl_sag",
	"ProtocolName": "t2_spc_da-fl_sag",
	"ScanningSequence": "SE\\IR",
	"SequenceVariant": "SK\\SP\\MP",
	"ScanOptions": "IR\\PFP",
	"SequenceName": "*spcir_278ns",
	"ImageType": ["ORIGINAL", "PRIMARY", "M", "ND", "NORM"],
	"SeriesNumber": 13,
	"AcquisitionTime": "08:58:47.375000",
	"AcquisitionNumber": 1,
	"ReconstructionMethod": "w/¥^Ö`¨Oÿ",
	"SliceThickness": 1,
	"SAR": 0.115625,
	"EchoTime": 0.386,
	"RepetitionTime": 5,
	"InversionTime": 1.8,
	"FlipAngle": 120,
	"PartialFourier": 1,
	"BaseResolution": 256,
	"ShimSetting": [
		2560,
		-11372,
		-11320,
		170,
		-20,
		-374,
		57,
		33	],
	"TxRefAmp": 240.238,
	"PhaseResolution": 1,
	"ReceiveCoilName": "HeadNeck_64",
	"ReceiveCoilActiveElements": "HC1-7;NC1",
	"PulseSequenceDetails": "%SiemensSeq%\\tse_vfl",
	"RefLinesPE": 24,
	"ConsistencyInfo": "N4_VE11C_LATEST_20160120",
	"PercentPhaseFOV": 100,
	"PercentSampling": 100,
	"EchoTrainLength": 252,
	"PhaseEncodingSteps": 229,
	"AcquisitionMatrixPE": 256,
	"ReconMatrixPE": 256,
	"ParallelReductionFactorInPlane": 2,
	"PixelBandwidth": 750,
	"DwellTime": 2.6e-06,
	"PhaseEncodingDirection": "i",
	"ImageOrientationPatientDICOM": [
		-0.0383009,
		0.997641,
		-0.0569735,
		-0.0466024,
		-0.0587366,
		-0.997185	],
	"InPlanePhaseEncodingDirectionDICOM": "ROW",
	"ConversionSoftware": "dcm2niix",
	"ConversionSoftwareVersion": "v1.0.20201224"
}
