{
	"Modality": "MR",
	"MagneticFieldStrength": 3,
	"ImagingFrequency": 123.239,
	"Manufacturer": "Siemens",
	"ManufacturersModelName": "Prisma",
	"InstitutionName": "Herston_Institute_Research_Foundation",
	"InstitutionalDepartmentName": "RBWH_HIRF_Imaging",
	"InstitutionAddress": "Herston_Road_300_Brisbane_Queensland_AU_4006",
	"DeviceSerialNumber": "66023",
	"StationName": "AWP66023",
	"BodyPartExamined": "BRAIN",
	"PatientPosition": "HFS",
	"ProcedureStepDescription": "Brain_Research_EATT_MND",
	"SoftwareVersions": "syngo_MR_E11",
	"MRAcquisitionType": "3D",
	"SeriesDescription": "t2_spc_da-fl_sag",
	"ProtocolName": "t2_spc_da-fl_sag",
	"ScanningSequence": "SE_IR",
	"SequenceVariant": "SK_SP_MP",
	"ScanOptions": "IR_PFP",
	"SequenceName": "_spcir_278ns",
	"ImageType": ["ORIGINAL", "PRIMARY", "M", "ND", "NORM"],
	"SeriesNumber": 17,
	"AcquisitionTime": "09:38:53.892500",
	"AcquisitionNumber": 1,
	"SliceThickness": 1,
	"SAR": 0.112319,
	"EchoTime": 0.386,
	"RepetitionTime": 5,
	"InversionTime": 1.8,
	"FlipAngle": 120,
	"PartialFourier": 1,
	"BaseResolution": 256,
	"ShimSetting": [
		2744,
		-11203,
		-11259,
		129,
		-72,
		-610,
		2,
		-85	],
	"TxRefAmp": 236.413,
	"PhaseResolution": 1,
	"ReceiveCoilName": "HeadNeck_64",
	"ReceiveCoilActiveElements": "HC1-7;NC1",
	"PulseSequenceDetails": "%SiemensSeq%_tse_vfl",
	"RefLinesPE": 24,
	"ConsistencyInfo": "N4_VE11C_LATEST_20160120",
	"PercentPhaseFOV": 100,
	"EchoTrainLength": 252,
	"PhaseEncodingSteps": 229,
	"AcquisitionMatrixPE": 256,
	"ReconMatrixPE": 256,
	"ParallelReductionFactorInPlane": 2,
	"PixelBandwidth": 750,
	"DwellTime": 2.6e-06,
	"ImageOrientationPatientDICOM": [
		-0.0138458,
		0.999514,
		0.0279216,
		-0.0017009,
		0.0279007,
		-0.999609	],
	"InPlanePhaseEncodingDirectionDICOM": "ROW",
	"ConversionSoftware": "dcm2niix",
	"ConversionSoftwareVersion": "v1.0.20190902"
}
