{
	"Modality": "MR",
	"MagneticFieldStrength": 3,
	"ImagingFrequency": 123.237,
	"Manufacturer": "Siemens",
	"ManufacturersModelName": "Prisma",
	"InstitutionName": "HIRF",
	"InstitutionalDepartmentName": "RBWH_HIRF_Imaging",
	"InstitutionAddress": "Herston_Road_300_Brisbane_Queensland_AU_4006",
	"DeviceSerialNumber": "66023",
	"StationName": "AWP66023",
	"BodyPartExamined": "BRAIN",
	"PatientPosition": "HFS",
	"ProcedureStepDescription": "MR_Brain_Research",
	"SoftwareVersions": "syngo_MR_E11",
	"MRAcquisitionType": "2D",
	"SeriesDescription": "AP_MULTIBAND_BLOCK_1_DIFFUSION_AP_30DIR",
	"ProtocolName": "AP_MULTIBAND_BLOCK_1_DIFFUSION_AP_30DIR",
	"ScanningSequence": "EP",
	"SequenceVariant": "SK_SP",
	"ScanOptions": "PFP_FS",
	"SequenceName": "_ep_b0",
	"ImageType": ["ORIGINAL", "PRIMARY", "DIFFUSION", "NONE", "ND", "NORM", "MOSAIC"],
	"SeriesNumber": 31,
	"AcquisitionTime": "11:17:34.982500",
	"AcquisitionNumber": 1,
	"SliceThickness": 2,
	"SpacingBetweenSlices": 2,
	"SAR": 0.356147,
	"EchoTime": 0.084,
	"RepetitionTime": 4.7,
	"FlipAngle": 90,
	"PartialFourier": 0.75,
	"BaseResolution": 122,
	"ShimSetting": [
		2733,
		-11183,
		-11247,
		336,
		-103,
		-412,
		85,
		-36	],
	"DiffusionScheme": "Bipolar",
	"TxRefAmp": 259.893,
	"PhaseResolution": 1,
	"ReceiveCoilName": "HeadNeck_64",
	"ReceiveCoilActiveElements": "HC1-7;NC1",
	"PulseSequenceDetails": "%SiemensSeq%_ep2d_diff",
	"RefLinesPE": 38,
	"ConsistencyInfo": "N4_VE11C_LATEST_20160120",
	"MultibandAccelerationFactor": 2,
	"PercentPhaseFOV": 100,
	"EchoTrainLength": 50,
	"PhaseEncodingSteps": 99,
	"AcquisitionMatrixPE": 122,
	"ReconMatrixPE": 122,
	"BandwidthPerPixelPhaseEncode": 28.265,
	"ParallelReductionFactorInPlane": 2,
	"EffectiveEchoSpacing": 0.000289995,
	"DerivedVendorReportedEchoSpacing": 0.000579991,
	"TotalReadoutTime": 0.0350894,
	"PixelBandwidth": 2275,
	"DwellTime": 1.8e-06,
	"PhaseEncodingDirection": "j-",
	"SliceTiming": [
		2.2775,
		0,
		2.405,
		0.1275,
		2.53,
		0.255,
		2.6575,
		0.38,
		2.785,
		0.5075,
		2.91,
		0.6325,
		3.0375,
		0.76,
		3.1625,
		0.8875,
		3.29,
		1.0125,
		3.415,
		1.14,
		3.5425,
		1.265,
		3.67,
		1.3925,
		3.795,
		1.52,
		3.9225,
		1.645,
		4.0475,
		1.7725,
		4.175,
		1.8975,
		4.3025,
		2.025,
		4.4275,
		2.1525,
		4.555,
		2.2775,
		0,
		2.405,
		0.1275,
		2.53,
		0.255,
		2.6575,
		0.38,
		2.785,
		0.5075,
		2.91,
		0.6325,
		3.0375,
		0.76,
		3.1625,
		0.8875,
		3.29,
		1.0125,
		3.415,
		1.14,
		3.5425,
		1.265,
		3.67,
		1.3925,
		3.795,
		1.52,
		3.9225,
		1.645,
		4.0475,
		1.7725,
		4.175,
		1.8975,
		4.3025,
		2.025,
		4.4275,
		2.1525,
		4.555	],
	"ImageOrientationPatientDICOM": [
		0.99736,
		0.0576531,
		-0.0441468,
		-0.0697422,
		0.929841,
		-0.361292	],
	"InPlanePhaseEncodingDirectionDICOM": "COL",
	"ConversionSoftware": "dcm2niix",
	"ConversionSoftwareVersion": "v1.0.20190902"
}
